GIT
  remote: git://github.com/rapid7/convection.git
  revision: 19ffe2520601a6aebecec2cbde5ec8589272d525
  branch: feature/support-s3-configuration-as-first-class-citizens
  specs:
    convection (0.0.1)
      aws-sdk (>= 2)
      httparty (~> 0.13)
      netaddr (~> 1.5)
      thor (~> 0.19)

GEM
  remote: https://rubygems.org/
  specs:
    aws-sdk (2.3.20)
      aws-sdk-resources (= 2.3.20)
    aws-sdk-core (2.3.20)
      jmespath (~> 1.0)
    aws-sdk-resources (2.3.20)
      aws-sdk-core (= 2.3.20)
    httparty (0.13.7)
      json (~> 1.8)
      multi_xml (>= 0.5.2)
    jmespath (1.2.4)
      json_pure (>= 1.8.1)
    json (1.8.3)
    json_pure (2.0.1)
    multi_xml (0.5.5)
    netaddr (1.5.1)
    thor (0.19.1)

PLATFORMS
  ruby

DEPENDENCIES
  convection!

BUNDLED WITH
   1.11.2
